GEM
  remote: https://rubygems.org/
  specs:
    rake (10.5.0)
    sass (3.4.21)
    scss_lint (0.45.0)
      rake (>= 0.9, < 11)
      sass (~> 3.4.15)

PLATFORMS
  ruby

DEPENDENCIES
  scss_lint (~> 0.45.0)

BUNDLED WITH
   1.11.0
